GEM
  remote: http://rubygems.org/
  specs:
    activemodel (3.0.10)
      activesupport (= 3.0.10)
      builder (~> 2.1.2)
      i18n (~> 0.5.0)
    activerecord (3.0.10)
      activemodel (= 3.0.10)
      activesupport (= 3.0.10)
      arel (~> 2.0.10)
      tzinfo (~> 0.3.23)
    activesupport (3.0.10)
    arel (2.0.10)
    builder (2.1.2)
    camping (2.1.467)
      rack (>= 1.0)
    embedly (1.3.0)
      oauth
      querystring
      typhoeus
    haml (3.1.3)
    i18n (0.5.0)
    json (1.6.1)
    markaby (0.7.2)
      builder (>= 2.0.0)
    mime-types (1.16)
    nokogiri (1.5.0)
    oauth (0.4.5)
    querystring (0.1.0)
    rack (1.3.5)
    typhoeus (0.2.4)
      mime-types
      mime-types
    tzinfo (0.3.30)

PLATFORMS
  ruby

DEPENDENCIES
  activemodel
  activerecord
  builder (< 3.0)
  camping
  embedly
  haml
  json
  markaby
  nokogiri
